GEM
  remote: https://rubygems.org/
  specs:
    activesupport (6.0.3.1)
      concurrent-ruby (~> 1.0, >= 1.0.2)
      i18n (>= 0.7, < 2)
      minitest (~> 5.1)
      tzinfo (~> 1.1)
      zeitwerk (~> 2.2, >= 2.2.2)
    ast (2.4.2)
    concurrent-ruby (1.1.6)
    connection_pool (2.2.2)
    coveralls (0.8.23)
      json (>= 1.8, < 3)
      simplecov (~> 0.16.1)
      term-ansicolor (~> 1.3)
      thor (>= 0.19.4, < 2.0)
      tins (~> 1.6)
    diff-lcs (1.5.0)
    docile (1.4.0)
    domain_name (0.5.20190701)
      unf (>= 0.0.5, < 1.0.0)
    hpricot (0.8.6)
    http-cookie (1.0.3)
      domain_name (~> 0.5)
    i18n (1.8.2)
      concurrent-ruby (~> 1.0)
    json (2.3.0)
    mechanize (2.7.6)
      domain_name (~> 0.5, >= 0.5.1)
      http-cookie (~> 1.0)
      mime-types (>= 1.17.2)
      net-http-digest_auth (~> 1.1, >= 1.1.1)
      net-http-persistent (>= 2.5.2)
      nokogiri (~> 1.6)
      ntlm-http (~> 0.1, >= 0.1.1)
      webrobots (>= 0.0.9, < 0.2)
    mime-types (3.3.1)
      mime-types-data (~> 3.2015)
    mime-types-data (3.2019.1009)
    mini_portile2 (2.4.0)
    minitest (5.14.1)
    mustache (1.1.1)
    net-http-digest_auth (1.4.1)
    net-http-persistent (3.1.0)
      connection_pool (~> 2.2)
    nokogiri (1.10.9)
      mini_portile2 (~> 2.4.0)
    ntlm-http (0.1.1)
    parallel (1.22.1)
    parallel_tests (4.0.0)
      parallel
    parser (3.1.2.1)
      ast (~> 2.4.1)
    plist (3.5.0)
    rainbow (3.1.1)
    rdiscount (2.2.7)
    regexp_parser (2.6.1)
    rexml (3.2.5)
    ronn (0.7.3)
      hpricot (>= 0.8.2)
      mustache (>= 0.7.0)
      rdiscount (>= 1.5.8)
    rspec (3.12.0)
      rspec-core (~> 3.12.0)
      rspec-expectations (~> 3.12.0)
      rspec-mocks (~> 3.12.0)
    rspec-core (3.12.0)
      rspec-support (~> 3.12.0)
    rspec-expectations (3.12.0)
      diff-lcs (>= 1.2.0, < 2.0)
      rspec-support (~> 3.12.0)
    rspec-its (1.3.0)
      rspec-core (>= 3.0.0)
      rspec-expectations (>= 3.0.0)
    rspec-mocks (3.12.0)
      diff-lcs (>= 1.2.0, < 2.0)
      rspec-support (~> 3.12.0)
    rspec-retry (0.6.2)
      rspec-core (> 3.3)
    rspec-support (3.12.0)
    rspec-wait (0.0.9)
      rspec (>= 3, < 4)
    rubocop (1.39.0)
      json (~> 2.3)
      parallel (~> 1.10)
      parser (>= 3.1.2.1)
      rainbow (>= 2.2.2, < 4.0)
      regexp_parser (>= 1.8, < 3.0)
      rexml (>= 3.2.5, < 4.0)
      rubocop-ast (>= 1.23.0, < 2.0)
      ruby-progressbar (~> 1.7)
      unicode-display_width (>= 1.4.0, < 3.0)
    rubocop-ast (1.23.0)
      parser (>= 3.1.1.0)
    rubocop-performance (1.15.1)
      rubocop (>= 1.7.0, < 2.0)
      rubocop-ast (>= 0.4.0)
    rubocop-rspec (2.15.0)
      rubocop (~> 1.33)
    ruby-macho (3.0.0)
    ruby-progressbar (1.11.0)
    simplecov (0.16.1)
      docile (~> 1.1)
      json (>= 1.8, < 3)
      simplecov-html (~> 0.10.0)
    simplecov-html (0.10.2)
    sync (0.5.0)
    term-ansicolor (1.7.1)
      tins (~> 1.0)
    thor (1.2.1)
    thread_safe (0.3.6)
    tins (1.32.0)
      sync
    tzinfo (1.2.10)
      thread_safe (~> 0.1)
    unf (0.1.4)
      unf_ext
    unf_ext (0.0.8.2)
    unicode-display_width (2.3.0)
    webrobots (0.1.2)
    zeitwerk (2.6.6)

PLATFORMS
  ruby

DEPENDENCIES
  activesupport
  concurrent-ruby
  coveralls (~> 0.8)
  mechanize
  parallel_tests
  plist
  ronn
  rspec
  rspec-its
  rspec-retry
  rspec-wait
  rubocop
  rubocop-performance
  rubocop-rspec
  ruby-macho
  simplecov

BUNDLED WITH
   1.17.2
