GEM
  remote: https://rubygems.org/
  specs:
    activesupport (8.0.0.1)
      base64
      benchmark (>= 0.3)
      bigdecimal
      concurrent-ruby (~> 1.0, >= 1.3.1)
      connection_pool (>= 2.2.5)
      drb
      i18n (>= 1.6, < 2)
      logger (>= 1.4.2)
      minitest (>= 5.1)
      securerandom (>= 0.3)
      tzinfo (~> 2.0, >= 2.0.5)
      uri (>= 0.13.1)
    addressable (2.8.7)
      public_suffix (>= 2.0.2, < 7.0)
    ast (2.4.2)
    base64 (0.2.0)
    benchmark (0.4.0)
    bigdecimal (3.1.8)
    concurrent-ruby (1.3.4)
    connection_pool (2.4.1)
    coveralls (0.8.23)
      json (>= 1.8, < 3)
      simplecov (~> 0.16.1)
      term-ansicolor (~> 1.3)
      thor (>= 0.19.4, < 2.0)
      tins (~> 1.6)
    diff-lcs (1.5.1)
    docile (1.4.1)
    domain_name (0.6.20240107)
    drb (2.2.1)
    hpricot (0.8.6)
    http-cookie (1.0.8)
      domain_name (~> 0.5)
    i18n (1.14.6)
      concurrent-ruby (~> 1.0)
    json (2.3.0)
    language_server-protocol (3.17.0.3)
    logger (1.6.2)
    mechanize (2.12.2)
      addressable (~> 2.8)
      base64
      domain_name (~> 0.5, >= 0.5.20190701)
      http-cookie (~> 1.0, >= 1.0.3)
      mime-types (~> 3.3)
      net-http-digest_auth (~> 1.4, >= 1.4.1)
      net-http-persistent (>= 2.5.2, < 5.0.dev)
      nkf
      nokogiri (~> 1.11, >= 1.11.2)
      rubyntlm (~> 0.6, >= 0.6.3)
      webrick (~> 1.7)
      webrobots (~> 0.1.2)
    mime-types (3.6.0)
      logger
      mime-types-data (~> 3.2015)
    mime-types-data (3.2024.1203)
    mini_portile2 (2.8.8)
    minitest (5.25.4)
    mustache (1.1.1)
    net-http-digest_auth (1.4.1)
    net-http-persistent (4.0.5)
      connection_pool (~> 2.2)
    nkf (0.2.0)
    nokogiri (1.17.1)
      mini_portile2 (~> 2.8.2)
      racc (~> 1.4)
    parallel (1.19.1)
    parallel_tests (3.0.0)
      parallel
    parser (3.3.6.0)
      ast (~> 2.4.1)
      racc
    plist (3.5.0)
    public_suffix (6.0.1)
    racc (1.8.1)
    rainbow (3.1.1)
    rdiscount (2.2.7.3)
    regexp_parser (2.9.3)
    ronn (0.7.3)
      hpricot (>= 0.8.2)
      mustache (>= 0.7.0)
      rdiscount (>= 1.5.8)
    rspec (3.13.0)
      rspec-core (~> 3.13.0)
      rspec-expectations (~> 3.13.0)
      rspec-mocks (~> 3.13.0)
    rspec-core (3.13.2)
      rspec-support (~> 3.13.0)
    rspec-expectations (3.13.3)
      diff-lcs (>= 1.2.0, < 2.0)
      rspec-support (~> 3.13.0)
    rspec-its (2.0.0)
      rspec-core (>= 3.13.0)
      rspec-expectations (>= 3.13.0)
    rspec-mocks (3.13.2)
      diff-lcs (>= 1.2.0, < 2.0)
      rspec-support (~> 3.13.0)
    rspec-retry (0.6.2)
      rspec-core (> 3.3)
    rspec-support (3.13.2)
    rspec-wait (1.0.1)
      rspec (>= 3.4)
    rubocop (1.69.1)
      json (~> 2.3)
      language_server-protocol (>= 3.17.0)
      parallel (~> 1.10)
      parser (>= 3.3.0.2)
      rainbow (>= 2.2.2, < 4.0)
      regexp_parser (>= 2.9.3, < 3.0)
      rubocop-ast (>= 1.36.2, < 2.0)
      ruby-progressbar (~> 1.7)
      unicode-display_width (>= 2.4.0, < 4.0)
    rubocop-ast (1.36.2)
      parser (>= 3.3.1.0)
    rubocop-performance (1.23.0)
      rubocop (>= 1.48.1, < 2.0)
      rubocop-ast (>= 1.31.1, < 2.0)
    rubocop-rspec (3.2.0)
      rubocop (~> 1.61)
    ruby-macho (4.1.0)
    ruby-progressbar (1.13.0)
    rubyntlm (0.6.5)
      base64
    securerandom (0.4.0)
    simplecov (0.16.1)
      docile (~> 1.1)
      json (>= 1.8, < 3)
      simplecov-html (~> 0.10.0)
    simplecov-html (0.10.2)
    sync (0.5.0)
    term-ansicolor (1.11.2)
      tins (~> 1.0)
    thor (1.3.2)
    tins (1.37.0)
      bigdecimal
      sync
    tzinfo (2.0.6)
      concurrent-ruby (~> 1.0)
    unicode-display_width (3.1.2)
      unicode-emoji (~> 4.0, >= 4.0.4)
    unicode-emoji (4.0.4)
    uri (1.0.2)
    webrick (1.9.1)
    webrobots (0.1.2)

PLATFORMS
  ruby

DEPENDENCIES
  activesupport
  concurrent-ruby
  coveralls (~> 0.8)
  mechanize
  parallel_tests
  plist
  ronn
  rspec
  rspec-its
  rspec-retry
  rspec-wait
  rubocop
  rubocop-performance
  rubocop-rspec
  ruby-macho
  simplecov

BUNDLED WITH
   1.17.2
